GEM
  remote: https://rubygems.org/
  specs:
    autotest-standalone (4.5.11)
    coveralls (0.7.2)
      multi_json (~> 1.3)
      rest-client (= 1.6.7)
      simplecov (>= 0.7)
      term-ansicolor (= 1.2.2)
      thor (= 0.18.1)
    debase (0.1.1)
      debase-ruby_core_source
    debase-ruby_core_source (0.7.5)
    diff-lcs (1.2.5)
    docile (1.1.5)
    mime-types (2.4.3)
    multi_json (1.10.1)
    polyglot (0.3.5)
    rake (10.4.2)
    rest-client (1.6.7)
      mime-types (>= 1.16)
    rspec (3.1.0)
      rspec-core (~> 3.1.0)
      rspec-expectations (~> 3.1.0)
      rspec-mocks (~> 3.1.0)
    rspec-core (3.1.7)
      rspec-support (~> 3.1.0)
    rspec-expectations (3.1.2)
      diff-lcs (>= 1.2.0, < 2.0)
      rspec-support (~> 3.1.0)
    rspec-mocks (3.1.3)
      rspec-support (~> 3.1.0)
    rspec-support (3.1.2)
    ruby-debug-ide (0.4.25)
      rake (>= 0.8.1)
    simplecov (0.9.1)
      docile (~> 1.1.0)
      multi_json (~> 1.0)
      simplecov-html (~> 0.8.0)
    simplecov-html (0.8.0)
    term-ansicolor (1.2.2)
      tins (~> 0.8)
    thor (0.18.1)
    tins (0.13.2)
    treetop (1.5.3)
      polyglot (~> 0.3)

PLATFORMS
  ruby

DEPENDENCIES
  autotest-standalone (~> 4.5)
  coveralls (~> 0.7)
  debase
  rake (~> 10.4)
  rspec (~> 3.1)
  ruby-debug-ide
  simplecov (~> 0.7)
  treetop (~> 1.4)
