GEM
  remote: http://rubygems.org/
  specs:
    autotest-standalone (4.5.11)
    diff-lcs (1.1.3)
    polyglot (0.3.3)
    rake (0.9.2.2)
    require_all (1.2.1)
    rspec (2.12.0)
      rspec-core (~> 2.12.0)
      rspec-expectations (~> 2.12.0)
      rspec-mocks (~> 2.12.0)
    rspec-core (2.12.1)
    rspec-expectations (2.12.0)
      diff-lcs (~> 1.1.3)
    rspec-mocks (2.12.0)
    treetop (1.4.12)
      polyglot
      polyglot (>= 0.3.1)

PLATFORMS
  ruby

DEPENDENCIES
  autotest-standalone
  rake
  require_all
  rspec
  treetop
