GEM
  remote: https://rubygems.org/
  specs:
    ast (2.4.2)
    autotest-standalone (4.5.11)
    diff-lcs (1.5.1)
    docile (1.4.1)
    error_handling_protocol (0.0.1)
    json (2.7.5)
    language_server-protocol (3.17.0.3)
    parallel (1.26.3)
    parser (3.3.5.1)
      ast (~> 2.4.1)
      racc
    polyglot (0.3.5)
    racc (1.8.1)
    rainbow (3.1.1)
    rake (13.2.1)
    regexp_parser (2.9.2)
    rspec (3.13.0)
      rspec-core (~> 3.13.0)
      rspec-expectations (~> 3.13.0)
      rspec-mocks (~> 3.13.0)
    rspec-core (3.13.1)
      rspec-support (~> 3.13.0)
    rspec-expectations (3.13.3)
      diff-lcs (>= 1.2.0, < 2.0)
      rspec-support (~> 3.13.0)
    rspec-mocks (3.13.1)
      diff-lcs (>= 1.2.0, < 2.0)
      rspec-support (~> 3.13.0)
    rspec-support (3.13.1)
    rubocop (1.68.0)
      json (~> 2.3)
      language_server-protocol (>= 3.17.0)
      parallel (~> 1.10)
      parser (>= 3.3.0.2)
      rainbow (>= 2.2.2, < 4.0)
      regexp_parser (>= 2.4, < 3.0)
      rubocop-ast (>= 1.32.2, < 2.0)
      ruby-progressbar (~> 1.7)
      unicode-display_width (>= 2.4.0, < 3.0)
    rubocop-ast (1.33.0)
      parser (>= 3.3.1.0)
    rubocop-rake (0.6.0)
      rubocop (~> 1.0)
    rubocop-rspec (3.0.5)
      rubocop (~> 1.61)
    ruby-progressbar (1.13.0)
    simplecov (0.22.0)
      docile (~> 1.1)
      simplecov-html (~> 0.11)
      simplecov_json_formatter (~> 0.1)
    simplecov-html (0.13.1)
    simplecov_json_formatter (0.1.4)
    test-prof (1.4.2)
    treetop (1.6.12)
      polyglot (~> 0.3)
    unicode-display_width (2.6.0)

PLATFORMS
  ruby

DEPENDENCIES
  autotest-standalone (~> 4.5)
  error_handling_protocol (~> 0.0.1)
  rake (~> 13)
  rspec (~> 3.13)
  rubocop (~> 1.68)
  rubocop-rake (~> 0.6)
  rubocop-rspec (~> 3.0)
  simplecov (~> 0.22)
  test-prof (~> 1.4)
  treetop (~> 1.6)

BUNDLED WITH
   2.4.5
