GEM
  remote: https://rubygems.org/
  specs:
    ast (2.4.1)
    autotest-standalone (4.5.11)
    coveralls (0.8.23)
      json (>= 1.8, < 3)
      simplecov (~> 0.16.1)
      term-ansicolor (~> 1.3)
      thor (>= 0.19.4, < 2.0)
      tins (~> 1.6)
    diff-lcs (1.4.4)
    docile (1.3.2)
    error_handling_protocol (0.0.1)
    json (2.3.1)
    parallel (1.19.2)
    parser (2.7.1.4)
      ast (~> 2.4.1)
    polyglot (0.3.5)
    rainbow (3.0.0)
    rake (13.0.1)
    regexp_parser (1.7.1)
    rexml (3.2.4)
    rspec (3.9.0)
      rspec-core (~> 3.9.0)
      rspec-expectations (~> 3.9.0)
      rspec-mocks (~> 3.9.0)
    rspec-core (3.9.2)
      rspec-support (~> 3.9.3)
    rspec-expectations (3.9.2)
      diff-lcs (>= 1.2.0, < 2.0)
      rspec-support (~> 3.9.0)
    rspec-mocks (3.9.1)
      diff-lcs (>= 1.2.0, < 2.0)
      rspec-support (~> 3.9.0)
    rspec-support (3.9.3)
    rubocop (0.88.0)
      parallel (~> 1.10)
      parser (>= 2.7.1.1)
      rainbow (>= 2.2.2, < 4.0)
      regexp_parser (>= 1.7)
      rexml
      rubocop-ast (>= 0.1.0, < 1.0)
      ruby-progressbar (~> 1.7)
      unicode-display_width (>= 1.4.0, < 2.0)
    rubocop-ast (0.2.0)
      parser (>= 2.7.0.1)
    rubocop-rspec (1.42.0)
      rubocop (>= 0.87.0)
    ruby-progressbar (1.10.1)
    simplecov (0.16.1)
      docile (~> 1.1)
      json (>= 1.8, < 3)
      simplecov-html (~> 0.10.0)
    simplecov-html (0.10.2)
    sync (0.5.0)
    term-ansicolor (1.7.1)
      tins (~> 1.0)
    test-prof (0.12.0)
    thor (1.0.1)
    tins (1.25.0)
      sync
    treetop (1.6.10)
      polyglot (~> 0.3)
    unicode-display_width (1.7.0)

PLATFORMS
  ruby

DEPENDENCIES
  autotest-standalone (~> 4.5)
  coveralls (~> 0.8)
  error_handling_protocol (~> 0.0.1)
  rake (~> 13)
  rspec (~> 3.9)
  rubocop (~> 0.78)
  rubocop-rspec (~> 1.37)
  simplecov (~> 0.16)
  test-prof (~> 0.10)
  treetop (~> 1.6)

BUNDLED WITH
   2.1.4
