GEM
  remote: https://rubygems.org/
  specs:
    autotest-standalone (4.5.11)
    coveralls (0.8.15)
      json (>= 1.8, < 3)
      simplecov (~> 0.12.0)
      term-ansicolor (~> 1.3)
      thor (~> 0.19.1)
      tins (>= 1.6.0, < 2)
    diff-lcs (1.2.5)
    docile (1.1.5)
    error_handling_protocol (0.0.1)
    json (2.0.2)
    polyglot (0.3.5)
    rake (10.5.0)
    rspec (3.5.0)
      rspec-core (~> 3.5.0)
      rspec-expectations (~> 3.5.0)
      rspec-mocks (~> 3.5.0)
    rspec-core (3.5.4)
      rspec-support (~> 3.5.0)
    rspec-expectations (3.5.0)
      diff-lcs (>= 1.2.0, < 2.0)
      rspec-support (~> 3.5.0)
    rspec-mocks (3.5.0)
      diff-lcs (>= 1.2.0, < 2.0)
      rspec-support (~> 3.5.0)
    rspec-support (3.5.0)
    simplecov (0.12.0)
      docile (~> 1.1.0)
      json (>= 1.8, < 3)
      simplecov-html (~> 0.10.0)
    simplecov-html (0.10.0)
    term-ansicolor (1.4.0)
      tins (~> 1.0)
    thor (0.19.1)
    tins (1.12.0)
    treetop (1.6.8)
      polyglot (~> 0.3)

PLATFORMS
  ruby

DEPENDENCIES
  autotest-standalone (~> 4.5)
  coveralls (~> 0.8)
  error_handling_protocol (~> 0.0.1)
  rake (~> 10.4)
  rspec (~> 3.2)
  simplecov (~> 0.10)
  treetop (~> 1.6)

BUNDLED WITH
   1.13.2
