GEM
  remote: https://rubygems.org/
  specs:
    ast (2.4.0)
    autotest-standalone (4.5.11)
    coveralls (0.8.21)
      json (>= 1.8, < 3)
      simplecov (~> 0.14.1)
      term-ansicolor (~> 1.3)
      thor (~> 0.19.4)
      tins (~> 1.6)
    diff-lcs (1.3)
    docile (1.1.5)
    error_handling_protocol (0.0.1)
    json (2.1.0)
    parallel (1.12.1)
    parser (2.5.1.0)
      ast (~> 2.4.0)
    polyglot (0.3.5)
    powerpack (0.1.1)
    rainbow (3.0.0)
    rake (12.3.1)
    rspec (3.7.0)
      rspec-core (~> 3.7.0)
      rspec-expectations (~> 3.7.0)
      rspec-mocks (~> 3.7.0)
    rspec-core (3.7.1)
      rspec-support (~> 3.7.0)
    rspec-expectations (3.7.0)
      diff-lcs (>= 1.2.0, < 2.0)
      rspec-support (~> 3.7.0)
    rspec-mocks (3.7.0)
      diff-lcs (>= 1.2.0, < 2.0)
      rspec-support (~> 3.7.0)
    rspec-support (3.7.1)
    rubocop (0.55.0)
      parallel (~> 1.10)
      parser (>= 2.5)
      powerpack (~> 0.1)
      rainbow (>= 2.2.2, < 4.0)
      ruby-progressbar (~> 1.7)
      unicode-display_width (~> 1.0, >= 1.0.1)
    ruby-progressbar (1.9.0)
    simplecov (0.14.1)
      docile (~> 1.1.0)
      json (>= 1.8, < 3)
      simplecov-html (~> 0.10.0)
    simplecov-html (0.10.2)
    term-ansicolor (1.6.0)
      tins (~> 1.0)
    thor (0.19.4)
    tins (1.16.3)
    treetop (1.6.10)
      polyglot (~> 0.3)
    unicode-display_width (1.3.2)

PLATFORMS
  ruby

DEPENDENCIES
  autotest-standalone (~> 4.5)
  coveralls (~> 0.8)
  error_handling_protocol (~> 0.0.1)
  rake (~> 12)
  rspec (~> 3.7)
  rubocop (~> 0.50)
  simplecov (~> 0.9)
  treetop (~> 1.6)

BUNDLED WITH
   1.16.1
