GEM
  remote: https://rubygems.org/
  specs:
    autotest-standalone (4.5.11)
    diff-lcs (1.2.1)
    multi_json (1.6.1)
    polyglot (0.3.3)
    rake (10.0.3)
    rspec (2.13.0)
      rspec-core (~> 2.13.0)
      rspec-expectations (~> 2.13.0)
      rspec-mocks (~> 2.13.0)
    rspec-core (2.13.0)
    rspec-expectations (2.13.0)
      diff-lcs (>= 1.1.3, < 2.0)
    rspec-mocks (2.13.0)
    simplecov (0.7.1)
      multi_json (~> 1.0)
      simplecov-html (~> 0.7.1)
    simplecov-html (0.7.1)
    treetop (1.4.12)
      polyglot
      polyglot (>= 0.3.1)

PLATFORMS
  ruby

DEPENDENCIES
  autotest-standalone (~> 4.5)
  rake (~> 10.0)
  rspec (~> 2)
  simplecov (~> 0.7)
  treetop (~> 1.4)
